GEM
  remote: http://rubygems.org/
  specs:
    base64 (0.2.0)
    daemons (1.4.1)
    eventmachine (1.2.7)
    mustermann (3.0.3)
      ruby2_keywords (~> 0.0.1)
    mysql2 (0.5.6)
    rack (3.1.7)
    rack-protection (4.0.0)
      base64 (>= 0.1.0)
      rack (>= 3.0.0, < 4)
    rack-session (2.0.0)
      rack (>= 3.0.0)
    ruby2_keywords (0.0.5)
    sinatra (4.0.0)
      mustermann (~> 3.0)
      rack (>= 3.0.0, < 4)
      rack-protection (= 4.0.0)
      rack-session (>= 2.0.0, < 3)
      tilt (~> 2.0)
    thin (1.6.2)
      daemons (>= 1.0.9)
      eventmachine (>= 1.0.0)
      rack (>= 1.0.0)
    tilt (2.4.0)

PLATFORMS
  ruby

DEPENDENCIES
  mysql2
  sinatra
  thin

RUBY VERSION
   ruby 3.1.2p20

BUNDLED WITH
   2.5.19
